PATH
  remote: .
  specs:
    compass-growl (0.0.1)
      growl_notify

GEM
  remote: http://rubygems.org/
  specs:
    diff-lcs (1.1.2)
    drx (0.4.5)
    growl_notify (0.0.1)
      rb-appscript
    mocha (0.9.12)
    rb-appscript (0.6.0)
    rspec (2.0.1)
      rspec-core (~> 2.0.1)
      rspec-expectations (~> 2.0.1)
      rspec-mocks (~> 2.0.1)
    rspec-core (2.0.1)
    rspec-expectations (2.0.1)
      diff-lcs (>= 1.1.2)
    rspec-mocks (2.0.1)
      rspec-core (~> 2.0.1)
      rspec-expectations (~> 2.0.1)

PLATFORMS
  ruby

DEPENDENCIES
  bundler (>= 1.0.0)
  compass-growl!
  drx
  mocha
  rspec (~> 2.0.0)
