PATH
  remote: .
  specs:
    compass-growl (0.0.5)
      compass (~> 0.11.1)
      growl_notify

GEM
  remote: http://rubygems.org/
  specs:
    chunky_png (1.1.1)
    compass (0.11.1)
      chunky_png (~> 1.1)
      fssm (>= 0.2.7)
      sass (~> 3.1)
    diff-lcs (1.1.2)
    drx (0.4.5)
    fssm (0.2.7)
    growl_notify (0.0.1)
      rb-appscript
    mocha (0.9.12)
    rb-appscript (0.6.1)
    rspec (2.0.1)
      rspec-core (~> 2.0.1)
      rspec-expectations (~> 2.0.1)
      rspec-mocks (~> 2.0.1)
    rspec-core (2.0.1)
    rspec-expectations (2.0.1)
      diff-lcs (>= 1.1.2)
    rspec-mocks (2.0.1)
      rspec-core (~> 2.0.1)
      rspec-expectations (~> 2.0.1)
    sass (3.1.1)

PLATFORMS
  ruby

DEPENDENCIES
  bundler (>= 1.0.0)
  compass-growl!
  drx
  mocha
  rspec (~> 2.0.0)
